GEM
  remote: https://rubygems.org/
  specs:
    coderay (1.1.1)
    foreman (0.85.0)
      thor (~> 0.19.1)
    method_source (0.8.2)
    pry (0.10.4)
      coderay (~> 1.1.0)
      method_source (~> 0.8.1)
      slop (~> 3.4)
    rake (12.3.2)
    rb-readline (0.5.3)
    slop (3.6.0)
    thor (0.19.4)

PLATFORMS
  ruby

DEPENDENCIES
  foreman
  pry
  rake
  rb-readline

BUNDLED WITH
   1.12.5
